GEM
  specs:
    bourbon (3.1.1)
      sass (>= 3.2.0)
      thor
    neat (1.2.0)
      bourbon (>= 2.1)
      sass (>= 3.2)
    sass (3.2.7)
    thor (0.17.0)

PLATFORMS
  ruby

DEPENDENCIES
  bourbon
  neat
